GEM
  remote: https://rubygems.org/
  specs:
    bcrypt (3.1.19)
    erubis (2.7.0)
    multi_json (1.15.0)
    mustermann (1.1.2)
      ruby2_keywords (~> 0.0.1)
    pg (1.5.3)
    rack (2.2.7)
    rack-protection (2.1.0)
      rack
    ruby2_keywords (0.0.5)
    sinatra (2.1.0)
      mustermann (~> 1.0)
      rack (~> 2.2)
      rack-protection (= 2.1.0)
      tilt (~> 2.0)
    sinatra-contrib (2.1.0)
      multi_json
      mustermann (~> 1.0)
      rack-protection (= 2.1.0)
      sinatra (= 2.1.0)
      tilt (~> 2.0)
    tilt (2.2.0)
    webrick (1.3.1)

PLATFORMS
  ruby

DEPENDENCIES
  bcrypt (~> 3.1)
  erubis (~> 2.7)
  pg (~> 1.5)
  sinatra (~> 2.1.0)
  sinatra-contrib (~> 2.1.0)
  webrick (~> 1.3.1)

BUNDLED WITH
   1.17.3
